PATH
  remote: .
  specs:
    german_wines (0.1.0)

GEM
  remote: https://rubygems.org/
  specs:
    coderay (1.1.3)
    method_source (1.0.0)
    mini_portile2 (2.8.0)
    nokogiri (1.13.4)
      mini_portile2 (~> 2.8.0)
      racc (~> 1.4)
    pry (0.13.1)
      coderay (~> 1.1)
      method_source (~> 1.0)
    racc (1.6.0)
    rake (12.3.3)

PLATFORMS
  ruby

DEPENDENCIES
  german_wines!
  nokogiri
  pry
  rake (~> 12.0)

BUNDLED WITH
   2.1.4
